GEM
  remote: https://rubygems.org/
  specs:
    addressable (2.4.0)
    colorator (0.1)
    faraday (0.9.2)
      activesupport (4.2.9)
 +      i18n (~> 0.7)
 +      minitest (~> 5.1)
 +      thread_safe (~> 0.3, >= 0.3.4)
 +      tzinfo (~> 1.1)
 +    addressable (2.5.2)
 +      public_suffix (>= 2.0.2, < 4.0)
 +    coffee-script (2.4.1)
 +      coffee-script-source
 +      execjs
 +    coffee-script-source (1.11.1)
 +    colorator (1.1.0)
 +    commonmarker (0.17.7.1)
 +      ruby-enum (~> 0.5)
 +    concurrent-ruby (1.0.5)
 +    ethon (0.11.0)
 +      ffi (>= 1.3.0)
 +    execjs (2.7.0)
 +    faraday (0.13.1)
PLATFORMS
  ruby
  x64-mingw32

DEPENDENCIES
  jekyll
  jekyll-feed
  jekyll-gist
  jekyll-sitemap

BUNDLED WITH
   1.16.0
